GEM
  remote: http://rubygems.org/
  specs:
    builder (3.0.0)
    cucumber (0.10.0)
      builder (>= 2.1.2)
      diff-lcs (~> 1.1.2)
      gherkin (~> 2.3.2)
      json (~> 1.4.6)
      term-ansicolor (~> 1.0.5)
    diff-lcs (1.1.2)
    ffi (1.0.6)
      rake (>= 0.8.7)
    ffi (1.0.6-x86-mingw32)
      rake (>= 0.8.7)
    gherkin (2.3.3)
      json (~> 1.4.6)
    gherkin (2.3.3-x86-mingw32)
      json (~> 1.4.6)
    json (1.4.6)
    json (1.4.6-x86-mingw32)
    rake (0.8.7)
    rspec (2.5.0)
      rspec-core (~> 2.5.0)
      rspec-expectations (~> 2.5.0)
      rspec-mocks (~> 2.5.0)
    rspec-core (2.5.1)
    rspec-expectations (2.5.0)
      diff-lcs (~> 1.1.2)
    rspec-mocks (2.5.0)
    term-ansicolor (1.0.5)
    win (0.3.26)
      ffi (>= 0.6.0)

PLATFORMS
  ruby
  x86-mingw32

DEPENDENCIES
  cucumber
  rspec (>= 1.2.9)
  win (>= 0.3.26)
